PATH
  remote: .
  specs:
    drg (0.16.0)
      bundler (~> 1.10)
      duck_puncher (>= 2.0.0, <= 3.0.0)
      highline (~> 1.7)

GEM
  remote: https://rubygems.org/
  specs:
    byebug (5.0.0)
      columnize (= 0.9.0)
    coderay (1.1.0)
    columnize (0.9.0)
    diff-lcs (1.2.5)
    duck_puncher (2.1.0)
    highline (1.7.8)
    method_source (0.8.2)
    object_tracker (1.0.5)
    pry (0.10.1)
      coderay (~> 1.1.0)
      method_source (~> 0.8.1)
      slop (~> 3.4)
    rake (10.4.2)
    rspec (3.3.0)
      rspec-core (~> 3.3.0)
      rspec-expectations (~> 3.3.0)
      rspec-mocks (~> 3.3.0)
    rspec-core (3.3.2)
      rspec-support (~> 3.3.0)
    rspec-expectations (3.3.1)
      diff-lcs (>= 1.2.0, < 2.0)
      rspec-support (~> 3.3.0)
    rspec-mocks (3.3.2)
      diff-lcs (>= 1.2.0, < 2.0)
      rspec-support (~> 3.3.0)
    rspec-support (3.3.0)
    ruby_parser (3.7.1)
      sexp_processor (~> 4.1)
    sexp_processor (4.6.0)
    slop (3.6.0)

PLATFORMS
  ruby

DEPENDENCIES
  byebug
  drg!
  object_tracker (>= 1.0.5)
  pry (~> 0.10)
  rake (~> 10.0)
  rspec (>= 3.2, < 4)
  ruby_parser (= 3.7.1)
  slop

BUNDLED WITH
   1.10.5
